GEM
  remote: https://rubygems.org/
  specs:
    eventmachine (1.2.5)

PLATFORMS
  ruby

DEPENDENCIES
  eventmachine (~> 1.2)

BUNDLED WITH
   1.15.4
